PATH
  remote: .
  specs:
    amortify (0.1.0)

GEM
  remote: http://rubygems.org/
  specs:
    rspec (1.3.0)

PLATFORMS
  ruby

DEPENDENCIES
  amortify!
  rspec
