PATH
  remote: .
  specs:
    datevector (0.0.0)

GEM
  remote: http://rubygems.org/
  specs:
    rspec (1.3.0)

PLATFORMS
  ruby

DEPENDENCIES
  datevector!
  rspec (= 1.3.0)
