PATH
  remote: .
  specs:
    amortify (0.1.0)

GEM
  remote: http://rubygems.org/
  specs:
    rake (0.9.2.2)
    rspec (1.3.0)

PLATFORMS
  ruby

DEPENDENCIES
  amortify!
  rake
  rspec
